GEM
  remote: https://rubygems.org/
  specs:
    actionmailer (2.3.18)
      actionpack (= 2.3.18)
    actionpack (2.3.18)
      activesupport (= 2.3.18)
      rack (~> 1.1.0)
    activerecord (2.3.18)
      activesupport (= 2.3.18)
    activeresource (2.3.18)
      activesupport (= 2.3.18)
    activesupport (2.3.18)
    carrierwave (0.4.10)
    diff-lcs (1.2.2)
    rack (1.1.6)
    rails (2.3.18)
      actionmailer (= 2.3.18)
      actionpack (= 2.3.18)
      activerecord (= 2.3.18)
      activeresource (= 2.3.18)
      activesupport (= 2.3.18)
      rake (>= 0.8.3)
    rake (10.0.4)
    rspec (2.13.0)
      rspec-core (~> 2.13.0)
      rspec-expectations (~> 2.13.0)
      rspec-mocks (~> 2.13.0)
    rspec-core (2.13.1)
    rspec-expectations (2.13.0)
      diff-lcs (>= 1.1.3, < 2.0)
    rspec-mocks (2.13.1)
    sqlite3 (1.3.7)
    sqlite3-ruby (1.3.3)
      sqlite3 (>= 1.3.3)

PLATFORMS
  ruby

DEPENDENCIES
  carrierwave
  rails (= 2.3.18)
  rspec
  sqlite3-ruby
